GEM
  remote: https://rubygems.org/
  specs:
    foreman (0.86.0)
    mustermann (1.0.3)
    nio4r (2.3.1)
    puma (4.3.1)
      nio4r (~> 2.0)
    rack (2.0.7)
    rack-protection (2.0.7)
      rack
    sinatra (2.0.7)
      mustermann (~> 1.0)
      rack (~> 2.0)
      rack-protection (= 2.0.7)
      tilt (~> 2.0)
    tilt (2.0.10)

PLATFORMS
  ruby

DEPENDENCIES
  foreman
  puma (~> 4.3.1)
  rack (>= 1.6.11)
  rack-protection (>= 1.5.5)
  sinatra

RUBY VERSION
   ruby 2.2.2p95

BUNDLED WITH
   1.16.1
