GEM
  remote: http://rubygems.org/
  specs:
    rack (1.4.1)
    rack-protection (1.5.3)
      rack
    sinatra (1.3.3)
      rack (~> 1.3, >= 1.3.6)
      rack-protection (~> 1.2)
      tilt (~> 1.3, >= 1.3.3)
    tilt (1.4.1)

PLATFORMS
  ruby

DEPENDENCIES
  rack (= 1.4.1)
  sinatra (= 1.3.3)
