GEM
  remote: https://rubygems.org/
  specs:
    foreman (0.86.0)
    mustermann (1.1.0)
      ruby2_keywords (~> 0.0.1)
    puma (3.12.2)
    rack (2.0.8)
    rack-protection (2.0.7)
      rack
    ruby2_keywords (0.0.1)
    sinatra (2.0.7)
      mustermann (~> 1.0)
      rack (~> 2.0)
      rack-protection (= 2.0.7)
      tilt (~> 2.0)
    tilt (2.0.10)

PLATFORMS
  ruby

DEPENDENCIES
  foreman
  puma (~> 3.12.2)
  rack (~> 2.0.8)
  rack-protection (>= 1.5.5)
  sinatra

RUBY VERSION
   ruby 2.2.2p95

BUNDLED WITH
   1.16.1
