GEM
  remote: https://rubygems.org/
  specs:
    foreman (0.87.1)
    mustermann (1.1.1)
      ruby2_keywords (~> 0.0.1)
    puma (3.12.6)
    rack (2.1.4)
    rack-protection (2.0.8.1)
      rack
    ruby2_keywords (0.0.2)
    sinatra (2.0.8.1)
      mustermann (~> 1.0)
      rack (~> 2.0)
      rack-protection (= 2.0.8.1)
      tilt (~> 2.0)
    tilt (2.0.10)

PLATFORMS
  ruby

DEPENDENCIES
  foreman
  puma (~> 3.12.4)
  rack (~> 2.1.4)
  rack-protection (>= 1.5.5)
  sinatra

RUBY VERSION
   ruby 2.2.2p95

BUNDLED WITH
   1.16.1
