GEM
  remote: https://rubygems.org/
  specs:
    foreman (0.85.0)
      thor (~> 0.19.1)
    mustermann (1.0.3)
    puma (3.12.2)
    rack (2.0.7)
    rack-protection (2.0.5)
      rack
    sinatra (2.0.5)
      mustermann (~> 1.0)
      rack (~> 2.0)
      rack-protection (= 2.0.5)
      tilt (~> 2.0)
    thor (0.19.4)
    tilt (2.0.9)

PLATFORMS
  ruby

DEPENDENCIES
  foreman
  puma
  rack (>= 1.6.11)
  rack-protection (>= 1.5.5)
  sinatra

RUBY VERSION
   ruby 2.2.2p95

BUNDLED WITH
   1.16.1
